GEM
  remote: http://rubygems.org/
  specs:
    addressable (2.3.4)
    daemons (1.1.9)
    eventmachine (1.0.3)
    execjs (1.4.0)
      multi_json (~> 1.0)
    faraday (0.8.7)
      multipart-post (~> 1.1)
    haml (4.0.2)
      tilt
    httparty (0.11.0)
      multi_json (~> 1.0)
      multi_xml (>= 0.5.2)
    json (1.5.5)
    koala (1.6.0)
      addressable (~> 2.2)
      faraday (~> 0.8)
      multi_json (~> 1.3)
    maruku (0.6.1)
      syntax (>= 1.0.0)
    multi_json (1.7.3)
    multi_xml (0.5.3)
    multipart-post (1.2.0)
    rack (1.3.10)
    rack-protection (1.5.0)
      rack
    sass (3.2.9)
    sinatra (1.3.3)
      rack (~> 1.3, >= 1.3.6)
      rack-protection (~> 1.2)
      tilt (~> 1.3, >= 1.3.3)
    syntax (1.0.0)
    thin (1.5.1)
      daemons (>= 1.0.9)
      eventmachine (>= 0.12.6)
      rack (>= 1.0.0)
    tilt (1.4.1)

PLATFORMS
  ruby

DEPENDENCIES
  execjs
  haml
  httparty
  json (= 1.5.5)
  koala
  maruku
  rack (= 1.3.10)
  sass
  sinatra
  thin
